GEM
  remote: https://rubygems.org/
  specs:
    activemodel (7.0.3)
      activesupport (= 7.0.3)
    activerecord (7.0.3)
      activemodel (= 7.0.3)
      activesupport (= 7.0.3)
    activesupport (7.0.3)
      concurrent-ruby (~> 1.0, >= 1.0.2)
      i18n (>= 1.6, < 2)
      minitest (>= 5.1)
      tzinfo (~> 2.0)
    addressable (2.8.0)
      public_suffix (>= 2.0.2, < 5.0)
    bond (0.5.1)
    celluloid (0.18.0)
      timers (~> 4)
    celluloid-io (0.17.3)
      celluloid (>= 0.17.2)
      nio4r (>= 1.1)
      timers (>= 4.1.1)
    concurrent-ruby (1.1.10)
    daemons (1.4.1)
    domain_name (0.5.20190701)
      unf (>= 0.0.5, < 1.0.0)
    eventmachine (1.2.7)
    ffi (1.15.5)
    ffi-compiler (1.0.1)
      ffi (>= 1.0.0)
      rake
    http (5.1.0)
      addressable (~> 2.8)
      http-cookie (~> 1.0)
      http-form_data (~> 2.2)
      llhttp-ffi (~> 0.4.0)
    http-cookie (1.0.5)
      domain_name (~> 0.5)
    http-form_data (2.3.0)
    http_parser.rb (0.8.0)
    i18n (1.10.0)
      concurrent-ruby (~> 1.0)
    llhttp-ffi (0.4.0)
      ffi-compiler (~> 1.0)
      rake (~> 13.0)
    minitest (5.16.1)
    multi_json (1.15.0)
    mustermann (1.1.1)
      ruby2_keywords (~> 0.0.1)
    nio4r (2.5.8)
    pg (1.4.1)
    public_suffix (4.0.7)
    puma (5.6.4)
      nio4r (~> 2.0)
    rack (2.2.3.1)
    rack-protection (2.2.0)
      rack
    rack-test (0.6.3)
      rack (>= 1.0)
    rake (13.0.6)
    reel (0.6.1)
      celluloid (>= 0.15.1)
      celluloid-io (>= 0.15.0)
      http (>= 0.6.0.pre)
      http_parser.rb (>= 0.6.0)
      websocket-driver (>= 0.5.1)
    ripl (0.7.1)
      bond (~> 0.5.1)
    ripl-multi_line (0.3.1)
      ripl (>= 0.3.6)
    ripl-rack (0.2.1)
      rack (>= 1.0)
      rack-test (~> 0.6.2)
      ripl (>= 0.7.0)
    ruby2_keywords (0.0.5)
    sinatra (2.2.0)
      mustermann (~> 1.0)
      rack (~> 2.2)
      rack-protection (= 2.2.0)
      tilt (~> 2.0)
    sinatra-activerecord (2.0.25)
      activerecord (>= 4.1)
      sinatra (>= 1.0)
    sinatra-contrib (2.2.0)
      multi_json
      mustermann (~> 1.0)
      rack-protection (= 2.2.0)
      sinatra (= 2.2.0)
      tilt (~> 2.0)
    sqlite3 (1.4.4)
    thin (1.8.1)
      daemons (~> 1.0, >= 1.0.9)
      eventmachine (~> 1.0, >= 1.0.4)
      rack (>= 1, < 3)
    tilt (2.0.10)
    timers (4.3.3)
    tux (0.3.0)
      ripl (>= 0.3.5)
      ripl-multi_line (>= 0.2.4)
      ripl-rack (>= 0.2.0)
      sinatra (>= 1.2.1)
    tzinfo (2.0.4)
      concurrent-ruby (~> 1.0)
    unf (0.1.4)
      unf_ext
    unf_ext (0.0.8.2)
    webrick (1.7.0)
    websocket-driver (0.7.5)
      websocket-extensions (>= 0.1.0)
    websocket-extensions (0.1.5)

PLATFORMS
  x86_64-linux

DEPENDENCIES
  activerecord
  http
  pg
  puma
  rake
  reel
  sinatra
  sinatra-activerecord
  sinatra-contrib
  sqlite3
  thin
  tux
  webrick

BUNDLED WITH
   2.3.16
